PATH
  remote: .
  specs:
    rprec (1.0.0)

GEM
  remote: https://rubygems.org/
  specs:
    abbrev (0.1.1)
    activesupport (7.1.2)
      base64
      bigdecimal
      concurrent-ruby (~> 1.0, >= 1.0.2)
      connection_pool (>= 2.2.5)
      drb
      i18n (>= 1.6, < 2)
      minitest (>= 5.1)
      mutex_m
      tzinfo (~> 2.0)
    ast (2.4.2)
    base64 (0.2.0)
    bigdecimal (3.1.5)
    concurrent-ruby (1.2.2)
    connection_pool (2.4.1)
    csv (3.2.8)
    drb (2.2.0)
      ruby2_keywords
    ffi (1.16.3)
    fileutils (1.7.2)
    i18n (1.14.1)
      concurrent-ruby (~> 1.0)
    json (2.6.3)
    language_server-protocol (3.17.0.3)
    listen (3.8.0)
      rb-fsevent (~> 0.10, >= 0.10.3)
      rb-inotify (~> 0.9, >= 0.9.10)
    logger (1.6.0)
    minitest (5.20.0)
    mutex_m (0.2.0)
    parallel (1.23.0)
    parser (3.2.2.4)
      ast (~> 2.4.1)
      racc
    racc (1.7.3)
    rainbow (3.1.1)
    rake (13.1.0)
    rb-fsevent (0.11.2)
    rb-inotify (0.10.1)
      ffi (~> 1.0)
    rbs (3.3.2)
      abbrev
    redcarpet (3.6.0)
    regexp_parser (2.8.2)
    rexml (3.2.6)
    rubocop (1.57.2)
      json (~> 2.3)
      language_server-protocol (>= 3.17.0)
      parallel (~> 1.10)
      parser (>= 3.2.2.4)
      rainbow (>= 2.2.2, < 4.0)
      regexp_parser (>= 1.8, < 3.0)
      rexml (>= 3.2.5, < 4.0)
      rubocop-ast (>= 1.28.1, < 2.0)
      ruby-progressbar (~> 1.7)
      unicode-display_width (>= 2.4.0, < 3.0)
    rubocop-ast (1.30.0)
      parser (>= 3.2.1.0)
    rubocop-minitest (0.33.0)
      rubocop (>= 1.39, < 2.0)
    rubocop-rake (0.6.0)
      rubocop (~> 1.0)
    ruby-progressbar (1.13.0)
    ruby2_keywords (0.0.5)
    securerandom (0.3.0)
    steep (1.6.0)
      activesupport (>= 5.1)
      concurrent-ruby (>= 1.1.10)
      csv (>= 3.0.9)
      fileutils (>= 1.1.0)
      json (>= 2.1.0)
      language_server-protocol (>= 3.15, < 4.0)
      listen (~> 3.0)
      logger (>= 1.3.0)
      parser (>= 3.1)
      rainbow (>= 2.2.2, < 4.0)
      rbs (>= 3.1.0)
      securerandom (>= 0.1)
      strscan (>= 1.0.0)
      terminal-table (>= 2, < 4)
    strscan (3.0.8)
    terminal-table (3.0.2)
      unicode-display_width (>= 1.1.1, < 3)
    tzinfo (2.0.6)
      concurrent-ruby (~> 1.0)
    unicode-display_width (2.5.0)
    yard (0.9.34)

PLATFORMS
  arm64-darwin-23
  x86_64-linux

DEPENDENCIES
  minitest (~> 5.0)
  rake (~> 13.0)
  rbs (~> 3.3)
  redcarpet (~> 3.6)
  rprec!
  rubocop (~> 1.57)
  rubocop-minitest (~> 0.33)
  rubocop-rake (~> 0.6)
  steep (~> 1.6)
  yard (~> 0.9)

CHECKSUMS
  abbrev (0.1.1) sha256=3724b0d5420f4b26d31795ba28e1ffc58608c37d07a6cb283b548dc0e8b98300
  activesupport (7.1.2) sha256=5bd81ef71524a14725ecb6c3b07bfc00ae0ccc77dd611190bd93bd9f92abd0d0
  ast (2.4.2) sha256=1e280232e6a33754cde542bc5ef85520b74db2aac73ec14acef453784447cc12
  base64 (0.2.0) sha256=0f25e9b21a02a0cc0cea8ef92b2041035d39350946e8789c562b2d1a3da01507
  bigdecimal (3.1.5)
  concurrent-ruby (1.2.2) sha256=3879119b8b75e3b62616acc256c64a134d0b0a7a9a3fcba5a233025bcde22c4f
  connection_pool (2.4.1) sha256=0f40cf997091f1f04ff66da67eabd61a9fe0d4928b9a3645228532512fab62f4
  csv (3.2.8) sha256=2f5e11e8897040b97baf2abfe8fa265b314efeb8a9b7f756db9ebcf79e7db9fe
  drb (2.2.0) sha256=e9e4af1cded3306cfe37e064a0086e302d5f40df9cb4d161d059a6bb3a75d40f
  ffi (1.16.3) sha256=6d3242ff10c87271b0675c58d68d3f10148fabc2ad6da52a18123f06078871fb
  fileutils (1.7.2) sha256=36a0fb324218263e52b486ad7408e9a295378fe8edc9fd343709e523c0980631
  i18n (1.14.1) sha256=9d03698903547c060928e70a9bc8b6b87fda674453cda918fc7ab80235ae4a61
  json (2.6.3) sha256=86aaea16adf346a2b22743d88f8dcceeb1038843989ab93cda44b5176c845459
  language_server-protocol (3.17.0.3) sha256=3d5c58c02f44a20d972957a9febe386d7e7468ab3900ce6bd2b563dd910c6b3f
  listen (3.8.0) sha256=9679040ac6e7845ad9f19cf59ecde60861c78e2fae57a5c20fe35e94959b2f8f
  logger (1.6.0) sha256=0ab7c120262dd8de2a18cb8d377f1f318cbe98535160a508af9e7710ff43ef3e
  minitest (5.20.0) sha256=a3faf26a757ced073aaae0bd10481340f53e221a4f50d8a6033591555374752e
  mutex_m (0.2.0) sha256=b6ef0c6c842ede846f2ec0ade9e266b1a9dac0bc151682b04835e8ebd54840d5
  parallel (1.23.0) sha256=27154713ad6ef32fa3dcb7788a721d6c07bca77e72443b4c6080a14145288c49
  parser (3.2.2.4) sha256=edbe6751f85599c8152173ccadbd708f444b7214de2a1d4969441a68e06ac964
  racc (1.7.3) sha256=b785ab8a30ec43bce073c51dbbe791fd27000f68d1c996c95da98bf685316905
  rainbow (3.1.1) sha256=039491aa3a89f42efa1d6dec2fc4e62ede96eb6acd95e52f1ad581182b79bc6a
  rake (13.1.0) sha256=be6a3e1aa7f66e6c65fa57555234eb75ce4cf4ada077658449207205474199c6
  rb-fsevent (0.11.2) sha256=43900b972e7301d6570f64b850a5aa67833ee7d87b458ee92805d56b7318aefe
  rb-inotify (0.10.1) sha256=050062d4f31d307cca52c3f6a7f4b946df8de25fc4bd373e1a5142e41034a7ca
  rbs (3.3.2) sha256=60ba9d2976f8c92fd91cc1eb96b70569993f141504a60b52fb56923d1bdb7d4c
  redcarpet (3.6.0) sha256=8ad1889c0355ff4c47174af14edd06d62f45a326da1da6e8a121d59bdcd2e9e9
  regexp_parser (2.8.2) sha256=5e65506e536e4f14ce2cd98a3daecf20b88ac77b6268412928bec98c872e2ab5
  rexml (3.2.6) sha256=e0669a2d4e9f109951cb1fde723d8acd285425d81594a2ea929304af50282816
  rprec (1.0.0)
  rubocop (1.57.2) sha256=8f679dfe42d7821dc61dafb17d14b1294343157a197b9f8a23720ca17fb9161b
  rubocop-ast (1.30.0) sha256=faad6452b1018fee0dd9e21a44445908e94ee2a4435932a9dae0e0740b6349b3
  rubocop-minitest (0.33.0) sha256=391fcce0796ffd95300551c7788904f7c1a675b9a8e0b8fb3bb4a8452311fc7f
  rubocop-rake (0.6.0) sha256=56b6f22189af4b33d4f4e490a555c09f1281b02f4d48c3a61f6e8fe5f401d8db
  ruby-progressbar (1.13.0) sha256=80fc9c47a9b640d6834e0dc7b3c94c9df37f08cb072b7761e4a71e22cff29b33
  ruby2_keywords (0.0.5) sha256=ffd13740c573b7301cf7a2e61fc857b2a8e3d3aff32545d6f8300d8bae10e3ef
  securerandom (0.3.0) sha256=3764e51c62393f0e5378637362836db3cf0c3223e2ae134eadcb347999105dda
  steep (1.6.0) sha256=936072aee56f5e1c4f9a78a75a836c09a49b5f4befd665c2fced05eabdb63e7a
  strscan (3.0.8)
  terminal-table (3.0.2) sha256=f951b6af5f3e00203fb290a669e0a85c5dd5b051b3b023392ccfd67ba5abae91
  tzinfo (2.0.6) sha256=8daf828cc77bcf7d63b0e3bdb6caa47e2272dcfaf4fbfe46f8c3a9df087a829b
  unicode-display_width (2.5.0) sha256=7e7681dcade1add70cb9fda20dd77f300b8587c81ebbd165d14fd93144ff0ab4
  yard (0.9.34) sha256=5a8e04114d7f15f77814973ea56b7c38282126fb2930eb82851ffed0b9cd7e04

BUNDLED WITH
   2.5.0.dev
